PATH
  remote: .
  specs:
    gs1au_fluent_command_builder (0.10.1)
      getversion (~> 0.0.11)
      rake (~> 10.1)
      term-ansicolor (~> 1.0)
      wicked_witch (~> 0.0.3)

GEM
  remote: https://rubygems.org/
  remote: http://worf.melb.gs1au.org:8808/
  specs:
    akami (1.2.1)
      gyoku (>= 0.4.0)
      nokogiri
    aws-sdk (1.27.0)
      json (~> 1.4)
      nokogiri (>= 1.4.4)
      uuidtools (~> 2.1)
    builder (3.2.2)
    command_builder (0.0.7)
    ffi (1.9.3-x86-mingw32)
    getversion (0.0.11)
      wicked_witch (~> 0.0.3)
    gs1au_gem_builder (1.2.0)
      aws-sdk (~> 1.27.0)
      rake (~> 10.1.0)
      winrm (~> 1.1.2)
    gssapi (1.0.3)
      ffi (>= 1.0.1)
    gyoku (1.1.1)
      builder (>= 2.1.2)
    httpclient (2.3.4.1)
    httpi (0.9.7)
      rack
    json (1.8.1)
    little-plugger (1.1.3)
    logging (1.8.2)
      little-plugger (>= 1.1.3)
      multi_json (>= 1.8.4)
    metaclass (0.0.1)
    mini_portile (0.5.2)
    mocha (0.14.0)
      metaclass (~> 0.0.1)
    multi_json (1.9.2)
    nokogiri (1.6.1-x86-mingw32)
      mini_portile (~> 0.5.0)
    nori (1.1.5)
    rack (1.5.2)
    rake (10.1.0)
    rubyntlm (0.1.1)
    savon (0.9.5)
      akami (~> 1.0)
      builder (>= 2.1.2)
      gyoku (>= 0.4.0)
      httpi (~> 0.9)
      nokogiri (>= 1.4.0)
      nori (~> 1.0)
      wasabi (~> 1.0)
    term-ansicolor (1.3.0)
      tins (~> 1.0)
    test-unit (2.5.2)
    tins (1.3.3)
    uuidtools (2.1.4)
    wasabi (1.0.0)
      nokogiri (>= 1.4.0)
    wicked_witch (0.0.3)
    winrm (1.1.3)
      gssapi (~> 1.0.0)
      httpclient (~> 2.2, >= 2.2.0.2)
      logging (~> 1.6, >= 1.6.1)
      nokogiri (~> 1.5)
      rubyntlm (~> 0.1.1)
      savon (= 0.9.5)
      uuidtools (~> 2.1.2)

PLATFORMS
  ruby
  x86-mingw32

DEPENDENCIES
  command_builder (= 0.0.7)
  gs1au_fluent_command_builder!
  gs1au_gem_builder (~> 1.2)
  mocha (~> 0.14)
  test-unit (~> 2.5)
