GEM
  remote: http://rubygems.org/
  specs:
    rake (0.9.2)
    test-unit (2.4.7)

PLATFORMS
  ruby
  x86-mingw32

DEPENDENCIES
  rake
  test-unit
