GEM
  remote: http://rubygems.org/
  specs:
    term-ansicolor (1.0.7)
    test-unit (2.5.1)

PLATFORMS
  ruby

DEPENDENCIES
  term-ansicolor
  test-unit (>= 2.5.1)
