GEM
  remote: http://rubygems.org/
  specs:
    metaclass (0.0.1)
    mocha (0.12.4)
      metaclass (~> 0.0.1)
    term-ansicolor (1.0.7)
    test-unit (2.5.2)

PLATFORMS
  ruby

DEPENDENCIES
  mocha
  term-ansicolor
  test-unit
