GEM
  remote: http://rubygems.org/
  specs:
    multi_json (1.0.4)
    rake (0.9.2)
    simplecov (0.5.4)
      multi_json (~> 1.0.3)
      simplecov-html (~> 0.5.3)
    simplecov-html (0.5.3)
    test-unit (2.4.7)

PLATFORMS
  ruby

DEPENDENCIES
  rake
  simplecov
  test-unit
